GIT
  remote: https://github.com/discourse/translations-manager.git
  revision: d6da5ff928b9ea39a15c9b6f16b856f46bc9069b
  specs:
    translations-manager (0.6)

GEM
  specs:

PLATFORMS
  ruby

DEPENDENCIES
  translations-manager!

BUNDLED WITH
   1.17.3
