GIT
  remote: https://github.com/discourse/translations-manager.git
  revision: 5d492813464ab349a173de1e6cc4c03a146d374d
  specs:
    translations-manager (0.6)

GEM
  specs:

PLATFORMS
  ruby

DEPENDENCIES
  translations-manager!

BUNDLED WITH
   1.17.3
